GEM
  remote: https://rubygems.org/
  specs:
    faraday (0.12.1)
      multipart-post (>= 1.2, < 3)
    forecast_io (2.0.1)
      faraday
      hashie
      multi_json
    geocoder (1.4.3)
    hashie (3.5.5)
    multi_json (1.12.1)
    multipart-post (2.0.0)

PLATFORMS
  ruby

DEPENDENCIES
  forecast_io
  geocoder

BUNDLED WITH
   1.14.6
